GIT
  remote: git://github.com/prat0318/phrasie.git
  revision: 58d676ea0c889dc05908df0aecdb58390de6a0c6
  specs:
    phrasie (0.1.6)

PATH
  remote: .
  specs:
    gitator (0.0.1)

GEM
  remote: https://rubygems.org/
  specs:
    addressable (2.3.5)
    diff-lcs (1.2.5)
    faraday (0.9.0)
      multipart-post (>= 1.2, < 3)
    haml (4.0.4)
      tilt
    json (1.8.1)
    logger (1.2.8)
    multipart-post (2.0.0)
    octokit (3.1.2)
      sawyer (~> 0.5.2)
    rack (1.5.2)
    rack-protection (1.5.1)
      rack
    rake (10.1.1)
    rspec (2.14.1)
      rspec-core (~> 2.14.0)
      rspec-expectations (~> 2.14.0)
      rspec-mocks (~> 2.14.0)
    rspec-core (2.14.7)
    rspec-expectations (2.14.4)
      diff-lcs (>= 1.1.3, < 2.0)
    rspec-mocks (2.14.4)
    sawyer (0.5.3)
      addressable (~> 2.3.5)
      faraday (~> 0.8, < 0.10)
    sinatra (1.4.4)
      rack (~> 1.4)
      rack-protection (~> 1.4)
      tilt (~> 1.3, >= 1.3.4)
    sinatra_auth_github (1.0.0)
      sinatra (~> 1.0)
      warden-github (~> 1.0)
    tilt (1.4.1)
    warden (1.2.3)
      rack (>= 1.0)
    warden-github (1.0.0)
      octokit (> 2.1.0)
      warden (> 1.0)

PLATFORMS
  ruby

DEPENDENCIES
  bundler (~> 1.3)
  gitator!
  haml
  json
  logger
  octokit (~> 2.0)
  phrasie!
  rake
  rspec
  sinatra
  sinatra_auth_github
